GEM
  remote: http://rubygems.org/
  specs:
    activesupport (3.2.11)
      i18n (~> 0.6)
      multi_json (~> 1.0)
    i18n (0.6.1)
    multi_json (1.5.0)
    picky (4.12.7)
      activesupport (>= 3.0)
      multi_json
      rack_fast_escape
      text
    rack (1.4.4)
    rack-protection (1.3.2)
      rack
    rack_fast_escape (2009.06.24)
      url_escape
    sinatra (1.3.3)
      rack (~> 1.3, >= 1.3.6)
      rack-protection (~> 1.2)
      tilt (~> 1.3, >= 1.3.3)
    text (1.2.1)
    tilt (1.3.3)
    url_escape (2009.06.24)
    yajl-ruby (1.1.0)

PLATFORMS
  ruby

DEPENDENCIES
  picky
  sinatra
  yajl-ruby
