GEM
  remote: http://rubygems.org/
  specs:
    activesupport (3.2.2)
      i18n (~> 0.6)
      multi_json (~> 1.0)
    cod (0.4.4)
    i18n (0.6.0)
    multi_json (1.1.0)
    picky (4.3.0)
      activesupport (~> 3.0)
      procrastinate (~> 0.4)
      rack_fast_escape
      text
      yajl-ruby
    procrastinate (0.4.1)
      cod (~> 0.4)
      state_machine (~> 0.9.4)
    rack (1.4.1)
    rack-protection (1.2.0)
      rack
    rack_fast_escape (2009.06.24)
      url_escape
    sinatra (1.3.2)
      rack (~> 1.3, >= 1.3.6)
      rack-protection (~> 1.2)
      tilt (~> 1.3, >= 1.3.3)
    state_machine (0.9.4)
    text (1.0.3)
    tilt (1.3.3)
    url_escape (2009.06.24)
    yajl-ruby (1.1.0)

PLATFORMS
  ruby

DEPENDENCIES
  picky
  sinatra
